GEM
  remote: https://rubygems.org/
  specs:
    activesupport (3.2.13)
      i18n (= 0.6.1)
      multi_json (~> 1.0)
    addressable (2.3.4)
    akami (1.2.0)
      gyoku (>= 0.4.0)
      nokogiri (>= 1.4.0)
    berkshelf (2.0.3)
      activesupport (>= 3.2.0)
      addressable (~> 2.3.4)
      celluloid (>= 0.14.0)
      chozo (>= 0.6.1)
      faraday (>= 0.8.5)
      hashie (>= 2.0.2)
      minitar (~> 0.5.4)
      retryable (~> 1.3.3)
      ridley (~> 1.0.2)
      solve (>= 0.4.4)
      test-kitchen (>= 1.0.0.alpha7)
      thor (~> 0.18.0)
    builder (3.2.2)
    celluloid (0.14.1)
      timers (>= 1.0.0)
    celluloid-io (0.14.1)
      celluloid (>= 0.14.1)
      nio4r (>= 0.4.5)
    chozo (0.6.1)
      activesupport (>= 3.2.0)
      hashie (>= 2.0.2)
      multi_json (>= 1.3.0)
    classifier (1.3.3)
      fast-stemmer (>= 1.0.0)
    coderay (1.0.9)
    colorator (0.1)
    commander (4.1.3)
      highline (~> 1.6.11)
    directory_watcher (1.4.1)
    dotenv (0.7.0)
    erubis (2.7.0)
    faraday (0.8.7)
      multipart-post (~> 1.1)
    fast-stemmer (1.0.2)
    ffi (1.9.0)
    foreman (0.63.0)
      dotenv (>= 0.7)
      thor (>= 0.13.6)
    gssapi (1.0.3)
      ffi (>= 1.0.1)
    gyoku (1.0.0)
      builder (>= 2.1.2)
    hashie (2.0.5)
    highline (1.6.19)
    httpclient (2.2.0.2)
    httpi (0.9.7)
      rack
    i18n (0.6.1)
    jekyll (1.0.2)
      classifier (~> 1.3)
      colorator (~> 0.1)
      commander (~> 4.1.3)
      directory_watcher (~> 1.4.1)
      kramdown (~> 1.0.2)
      liquid (~> 2.3)
      maruku (~> 0.5)
      pygments.rb (~> 0.5.0)
      safe_yaml (~> 0.7.0)
    json (1.8.0)
    kramdown (1.0.2)
    liquid (2.5.0)
    little-plugger (1.1.3)
    logging (1.6.2)
      little-plugger (>= 1.1.3)
    maruku (0.6.1)
      syntax (>= 1.0.0)
    method_source (0.8.1)
    minitar (0.5.4)
    mixlib-authentication (1.3.0)
      mixlib-log
    mixlib-log (1.6.0)
    mixlib-shellout (1.1.0)
    multi_json (1.7.6)
    multipart-post (1.2.0)
    net-http-persistent (2.8)
    net-scp (1.1.1)
      net-ssh (>= 2.6.5)
    net-ssh (2.6.7)
    nio4r (0.4.6)
    nokogiri (1.5.10)
    nori (1.1.5)
    posix-spawn (0.3.6)
    pry (0.9.12.2)
      coderay (~> 1.0.5)
      method_source (~> 0.8)
      slop (~> 3.4)
    pygments.rb (0.5.0)
      posix-spawn (~> 0.3.6)
      yajl-ruby (~> 1.1.0)
    rack (1.5.2)
    rake (10.0.4)
    retryable (1.3.3)
    ridley (1.0.2)
      addressable
      celluloid (~> 0.14.0)
      celluloid-io (~> 0.14.0)
      chozo (>= 0.6.0)
      erubis
      faraday (>= 0.8.4)
      hashie (>= 2.0.2)
      mixlib-authentication (>= 1.3.0)
      net-http-persistent (>= 2.8)
      net-ssh
      retryable
      solve (>= 0.4.4)
      winrm (~> 1.1.0)
    rubyntlm (0.1.1)
    safe_yaml (0.7.1)
    savon (0.9.5)
      akami (~> 1.0)
      builder (>= 2.1.2)
      gyoku (>= 0.4.0)
      httpi (~> 0.9)
      nokogiri (>= 1.4.0)
      nori (~> 1.0)
      wasabi (~> 1.0)
    slop (3.4.5)
    solve (0.4.4)
      json
    syntax (1.0.0)
    test-kitchen (1.0.0.alpha.7)
      celluloid
      mixlib-shellout
      net-scp
      net-ssh
      pry
      safe_yaml
      thor
    thor (0.18.1)
    timers (1.1.0)
    uuidtools (2.1.4)
    wasabi (1.0.0)
      nokogiri (>= 1.4.0)
    winrm (1.1.2)
      gssapi (~> 1.0.0)
      httpclient (~> 2.2.0.2)
      logging (~> 1.6.1)
      nokogiri (~> 1.5.0)
      rubyntlm (~> 0.1.1)
      savon (= 0.9.5)
      uuidtools (~> 2.1.2)
    yajl-ruby (1.1.0)

PLATFORMS
  ruby

DEPENDENCIES
  berkshelf
  foreman
  jekyll
  rake
